PATH
  remote: .
  specs:
    map_cluster (0.1.0)
      geocoder (>= 1.6.1)

GEM
  remote: https://rubygems.org/
  specs:
    diff-lcs (1.2.5)
    geocoder (1.6.4)
    rspec (3.4.0)
      rspec-core (~> 3.4.0)
      rspec-expectations (~> 3.4.0)
      rspec-mocks (~> 3.4.0)
    rspec-core (3.4.1)
      rspec-support (~> 3.4.0)
    rspec-expectations (3.4.0)
      diff-lcs (>= 1.2.0, < 2.0)
      rspec-support (~> 3.4.0)
    rspec-mocks (3.4.0)
      diff-lcs (>= 1.2.0, < 2.0)
      rspec-support (~> 3.4.0)
    rspec-support (3.4.0)

PLATFORMS
  ruby

DEPENDENCIES
  map_cluster!
  rspec

BUNDLED WITH
   1.17.3
